PATH
  remote: .
  specs:
    CohortCLI (1.0.0)

GEM
  remote: https://rubygems.org/
  specs:
    rake (10.5.0)

PLATFORMS
  ruby

DEPENDENCIES
  CohortCLI!
  bundler (~> 2.0)
  rake (~> 10.0)

BUNDLED WITH
   2.0.1
